PATH
  remote: .
  specs:
    capistrano-bedrock-mysql (0.0.2)
      capistrano (>= 3.0.0.pre)
      dotenv (>= 2.0.1)

GEM
  remote: https://rubygems.org/
  specs:
    capistrano (3.2.1)
      i18n
      rake (>= 10.0.0)
      sshkit (~> 1.3)
    dotenv (2.1.0)
    i18n (0.7.0)
    net-scp (1.2.1)
      net-ssh (>= 2.6.5)
    net-ssh (3.0.2)
    rake (11.0.1)
    sshkit (1.8.1)
      net-scp (>= 1.1.2)
      net-ssh (>= 2.8.0)

PLATFORMS
  ruby

DEPENDENCIES
  capistrano-bedrock-mysql!

BUNDLED WITH
   1.11.2
